GEM
  remote: http://rubygems.org/
  remote: http://rubygems.org/
  remote: http://gems.rubyforge.org/
  remote: http://gems.rubyonrails.org/
  remote: http://gems.github.com/
  remote: http://gemcutter.org/
  specs:
    addressable (2.2.5)
    bcrypt-ruby (2.1.4)
    configuration (1.2.0)
    data_mapper (1.1.0)
      dm-aggregates (= 1.1.0)
      dm-constraints (= 1.1.0)
      dm-core (= 1.1.0)
      dm-migrations (= 1.1.0)
      dm-serializer (= 1.1.0)
      dm-timestamps (= 1.1.0)
      dm-transactions (= 1.1.0)
      dm-types (= 1.1.0)
      dm-validations (= 1.1.0)
    data_objects (0.10.5)
      addressable (~> 2.1)
    dm-aggregates (1.1.0)
      dm-core (~> 1.1.0)
    dm-constraints (1.1.0)
      dm-core (~> 1.1.0)
    dm-core (1.1.0)
      addressable (~> 2.2.4)
    dm-do-adapter (1.1.0)
      data_objects (~> 0.10.2)
      dm-core (~> 1.1.0)
    dm-migrations (1.1.0)
      dm-core (~> 1.1.0)
    dm-mysql-adapter (1.1.0)
      dm-do-adapter (~> 1.1.0)
      do_mysql (~> 0.10.2)
    dm-serializer (1.1.0)
      dm-core (~> 1.1.0)
      fastercsv (~> 1.5.4)
      json (~> 1.4.6)
    dm-sqlite-adapter (1.1.0)
      dm-do-adapter (~> 1.1.0)
      do_sqlite3 (~> 0.10.2)
    dm-timestamps (1.1.0)
      dm-core (~> 1.1.0)
    dm-transactions (1.1.0)
      dm-core (~> 1.1.0)
    dm-types (1.1.0)
      bcrypt-ruby (~> 2.1.4)
      dm-core (~> 1.1.0)
      fastercsv (~> 1.5.4)
      json (~> 1.4.6)
      stringex (~> 1.2.0)
      uuidtools (~> 2.1.2)
    dm-validations (1.1.0)
      dm-core (~> 1.1.0)
    do_mysql (0.10.5)
      data_objects (= 0.10.5)
    do_sqlite3 (0.10.5)
      data_objects (= 0.10.5)
    fastercsv (1.5.4)
    heroku (2.1.4)
      launchy (>= 0.3.2)
      rest-client (~> 1.6.1)
      term-ansicolor (~> 1.0.5)
    json (1.4.6)
    launchy (0.4.0)
      configuration (>= 0.0.5)
      rake (>= 0.8.1)
    mime-types (1.16)
    mysql (2.8.1)
    rack (1.2.2)
    rake (0.8.7)
    rest-client (1.6.1)
      mime-types (>= 1.16)
    sinatra (1.2.6)
      rack (~> 1.1)
      tilt (>= 1.2.2, < 2.0)
    sqlite3 (1.3.3)
    sqlite3-ruby (1.3.3)
      sqlite3 (>= 1.3.3)
    stringex (1.2.1)
    term-ansicolor (1.0.5)
    tilt (1.3)
    uuidtools (2.1.2)

PLATFORMS
  ruby

DEPENDENCIES
  addressable (= 2.2.5)
  bcrypt-ruby (= 2.1.4)
  bundler (>= 1.0.7)
  configuration (= 1.2.0)
  data_mapper (= 1.1.0)
  data_objects (= 0.10.5)
  dm-aggregates (= 1.1.0)
  dm-constraints (= 1.1.0)
  dm-core (= 1.1.0)
  dm-do-adapter (= 1.1.0)
  dm-migrations (= 1.1.0)
  dm-mysql-adapter (= 1.1.0)
  dm-serializer (= 1.1.0)
  dm-sqlite-adapter (= 1.1.0)
  dm-timestamps (= 1.1.0)
  dm-transactions (= 1.1.0)
  dm-types (= 1.1.0)
  dm-validations (= 1.1.0)
  do_mysql (= 0.10.5)
  do_sqlite3 (= 0.10.5)
  fastercsv (= 1.5.4)
  heroku (= 2.1.4)
  json (= 1.4.6)
  launchy (= 0.4.0)
  mime-types (= 1.16)
  mysql (= 2.8.1)
  rack (= 1.2.2)
  rake (= 0.8.7)
  rest-client (= 1.6.1)
  sinatra (= 1.2.6)
  sqlite3 (= 1.3.3)
  sqlite3-ruby (= 1.3.3)
  stringex (= 1.2.1)
  term-ansicolor (= 1.0.5)
  tilt (= 1.3)
  uuidtools (= 2.1.2)
